GEM
  remote: https://rubygems.org/
  specs:
    rack (2.2.8)
    rulers (0.0.1)
      rack (~> 2.2)
      webrick
    webrick (1.8.1)

PLATFORMS
  ruby
  x86_64-linux

DEPENDENCIES
  rulers

BUNDLED WITH
   2.5.1
